GIT
  remote: git://github.com/rtomayko/tilt.git
  revision: 10a8ffa0a83f0c38dd243549fa9a32a2e76be6bd
  specs:
    tilt (1.3.3)

GEM
  remote: http://rubygems.org/
  specs:
    addressable (2.2.7)
    chunky_png (1.2.5)
    coffee-filter (0.1.1)
      coffee-script (>= 2.2.0)
      haml (>= 3.0.18)
    coffee-script (2.2.0)
      coffee-script-source
      execjs
    coffee-script-source (1.2.0)
    compass (0.12.rc.1)
      chunky_png (~> 1.2)
      fssm (>= 0.2.7)
      sass (~> 3.1)
    daemons (1.1.8)
    eventmachine (0.12.10)
    execjs (1.3.0)
      multi_json (~> 1.0)
    fssm (0.2.8.1)
    haml (3.1.4)
    heroku (2.21.2)
      launchy (>= 0.3.2)
      rest-client (~> 1.6.1)
      rubyzip
      term-ansicolor (~> 1.0.5)
    hike (1.2.1)
    launchy (2.0.5)
      addressable (~> 2.2.6)
    mime-types (1.17.2)
    multi_json (1.1.0)
    mustache (0.99.4)
    powder (0.1.7)
      thor (>= 0.11.5)
    rack (1.4.1)
    rack-protection (1.2.0)
      rack
    rake (0.9.2.2)
    redcarpet (2.1.0)
    rest-client (1.6.7)
      mime-types (>= 1.16)
    rocco (0.8.2)
      mustache
      redcarpet
    rubyzip (0.9.6.1)
    sass (3.1.15)
    sinatra (1.3.2)
      rack (~> 1.3, >= 1.3.6)
      rack-protection (~> 1.2)
      tilt (~> 1.3, >= 1.3.3)
    sprockets (2.3.1)
      hike (~> 1.2)
      multi_json (~> 1.0)
      rack (~> 1.0)
      tilt (~> 1.1, != 1.3.0)
    sprockets-sass (0.3.0)
      sprockets (~> 2.0)
    term-ansicolor (1.0.7)
    thin (1.3.1)
      daemons (>= 1.0.9)
      eventmachine (>= 0.12.6)
      rack (>= 1.0.0)
    thor (0.14.6)

PLATFORMS
  ruby

DEPENDENCIES
  coffee-filter
  coffee-script
  compass (~> 0.12.alpha)
  haml (~> 3.1.3)
  heroku
  powder
  rack
  rake
  redcarpet
  rocco
  sinatra (~> 1.3.1)
  sprockets (~> 2.0)
  sprockets-sass (= 0.3.0)
  thin
  tilt!
